GEM
  remote: https://rubygems.org/
  specs:
    debugger-ruby_core_source (1.3.5)
    diff-lcs (1.2.5)
    file_utils (1.0.7)
    gemcutter (0.7.1)
    gemspec_deps_gen (1.1.2)
      bundler
      file_utils
    highline (1.6.21)
    json_pure (1.8.1)
    net-ssh (2.9.1)
    rake (10.3.2)
    rspec (3.0.0)
      rspec-core (~> 3.0.0)
      rspec-expectations (~> 3.0.0)
      rspec-mocks (~> 3.0.0)
    rspec-core (3.0.0)
      rspec-support (~> 3.0.0)
    rspec-expectations (3.0.0)
      diff-lcs (>= 1.2.0, < 2.0)
      rspec-support (~> 3.0.0)
    rspec-mocks (3.0.1)
      rspec-support (~> 3.0.0)
    rspec-support (3.0.0)
    ruby-debug-base19x (0.11.30.pre15)
      debugger-ruby_core_source (> 0)
      rake (>= 0.8.1)
    ruby-debug-ide (0.4.23.beta1)
      rake (>= 0.8.1)
    script_executor (1.4.2)
      highline (~> 1.6)
      net-ssh (~> 2.8)
      text-interpolator (~> 1.0)
    text-interpolator (1.1.4)
    thor (0.19.1)

PLATFORMS
  ruby

DEPENDENCIES
  gemcutter (~> 0.7)
  gemspec_deps_gen (~> 1.1)
  json_pure (~> 1.8)
  rspec
  ruby-debug-base19x (= 0.11.30.pre15)
  ruby-debug-ide (= 0.4.23.beta1)
  script_executor (~> 1.4)
  text-interpolator (~> 1.0)
  thor (~> 0.19)
